PATH
  remote: .
  specs:
    tracking_number (0.5.0)

GEM
  remote: http://rubygems.org/
  specs:
    shoulda (2.11.3)

PLATFORMS
  ruby

DEPENDENCIES
  shoulda
  tracking_number!
